PATH
  remote: .
  specs:
    acts_as_paginable (0.4.7)
      will_paginate (= 3.0.pre)

GEM
  remote: http://rubygems.org/
  specs:
    activemodel (3.2.13)
      activesupport (= 3.2.13)
      builder (~> 3.0.0)
    activerecord (3.2.13)
      activemodel (= 3.2.13)
      activesupport (= 3.2.13)
      arel (~> 3.0.2)
      tzinfo (~> 0.3.29)
    activesupport (3.2.13)
      i18n (= 0.6.1)
      multi_json (~> 1.0)
    arel (3.0.2)
    builder (3.0.4)
    git (1.2.5)
    i18n (0.6.1)
    jeweler (1.8.4)
      bundler (~> 1.0)
      git (>= 1.2.5)
      rake
      rdoc
    json (1.7.7)
    multi_json (1.7.2)
    rake (10.0.4)
    rdoc (4.0.0)
      json (~> 1.4)
    thoughtbot-shoulda (2.11.1)
    tzinfo (0.3.37)
    will_paginate (3.0.pre)

PLATFORMS
  ruby

DEPENDENCIES
  activerecord (~> 3.0)
  activesupport (~> 3.0)
  acts_as_paginable!
  jeweler
  rake
  thoughtbot-shoulda
